GEM
  remote: http://rubygems.org/
  specs:
    nokogiri (1.5.2)
    progressbar (0.11.0)
    rake (0.9.2.2)
    threadpool (0.1.0.1)

PLATFORMS
  ruby

DEPENDENCIES
  nokogiri
  progressbar
  rake (= 0.9.2.2)
  threadpool (~> 0.1.0.1)
